PATH
  remote: .
  specs:
    esi-utils-bvv (0.1.2)
      esi-client-bvv (~> 1.0.4)
      ffi (>= 1.9.24)

GEM
  remote: https://rubygems.org/
  specs:
    ast (2.4.0)
    esi-client-bvv (1.0.4)
      json (~> 2.1, >= 2.1.0)
      typhoeus (~> 1.0, >= 1.0.1)
    ethon (0.11.0)
      ffi (>= 1.3.0)
    ffi (1.9.25)
    jaro_winkler (1.5.1)
    json (2.1.0)
    minitest (5.11.3)
    parallel (1.12.1)
    parser (2.5.1.2)
      ast (~> 2.4.0)
    powerpack (0.1.2)
    rainbow (3.0.0)
    rake (10.5.0)
    rubocop (0.58.2)
      jaro_winkler (~> 1.5.1)
      parallel (~> 1.10)
      parser (>= 2.5, != 2.5.1.1)
      powerpack (~> 0.1)
      rainbow (>= 2.2.2, < 4.0)
      ruby-progressbar (~> 1.7)
      unicode-display_width (~> 1.0, >= 1.0.1)
    ruby-progressbar (1.9.0)
    typhoeus (1.3.1)
      ethon (>= 0.9.0)
    unicode-display_width (1.4.0)

PLATFORMS
  ruby

DEPENDENCIES
  bundler (~> 1.14)
  esi-utils-bvv!
  minitest (~> 5.0)
  rake (~> 10.0)
  rubocop

BUNDLED WITH
   1.14.6
